GIT
  remote: https://github.com/dylanratcliffe/onceover-gatekeeper.git
  revision: 0855106e397a9c92ddaf1dd05617e4388e7b8ad7
  specs:
    onceover-gatekeeper (0.0.1)
      onceover (>= 3.2.0)

GIT
  remote: https://github.com/dylanratcliffe/onceover.git
  revision: 0c9d7d07cf7e7a8bcf4bf97ffb02b7a3bf0c1346
  branch: improve_plugin_support
  specs:
    onceover (3.2.0)
      colored (~> 1.2)
      cri (>= 2.6)
      deep_merge (>= 1.0.0)
      git
      json (>= 1.8.2)
      logging (>= 2.0.0)
      parallel_tests (>= 2.0.0)
      puppet (>= 3.4.0)
      puppetlabs_spec_helper (>= 0.4.0)
      r10k (>= 2.1.0)
      rake (>= 10.0.0)
      rspec (>= 3.0.0)
      rspec-puppet (>= 2.4.0)
      rspec-puppet-utils (>= 2.0.0)
      rspec_junit_formatter (>= 0.2.0)
      table_print (>= 1.0.0)
      versionomy (>= 0.5.0)

GEM
  remote: https://rubygems.org/
  specs:
    CFPropertyList (2.2.8)
    blockenspiel (0.5.0)
    builder (3.2.3)
    byebug (9.0.6)
    coderay (1.1.1)
    colored (1.2)
    cri (2.6.1)
      colored (~> 1.2)
    deep_merge (1.1.1)
    diff-lcs (1.3)
    facter (2.4.6)
    facter (2.4.6-universal-darwin)
      CFPropertyList (~> 2.2.6)
    faraday (0.9.2)
      multipart-post (>= 1.2, < 3)
    faraday_middleware (0.10.1)
      faraday (>= 0.7.4, < 1.0)
    fast_gettext (1.1.0)
    gettext (3.2.2)
      locale (>= 2.0.5)
      text (>= 1.3.0)
    gettext-setup (0.25)
      fast_gettext (~> 1.1.0)
      gettext (>= 3.0.2)
      locale
    git (1.3.0)
    hiera (3.3.1)
    json (2.1.0)
    json_pure (1.8.6)
    little-plugger (1.1.4)
    locale (2.1.2)
    log4r (1.1.10)
    logging (2.2.2)
      little-plugger (~> 1.1)
      multi_json (~> 1.10)
    metaclass (0.0.4)
    method_source (0.8.2)
    minitar (0.6.1)
    mocha (1.2.1)
      metaclass (~> 0.0.1)
    multi_json (1.12.1)
    multipart-post (2.0.0)
    parallel (1.11.2)
    parallel_tests (2.14.1)
      parallel
    pry (0.10.4)
      coderay (~> 1.1.0)
      method_source (~> 0.8.1)
      slop (~> 3.4)
    pry-byebug (3.4.2)
      byebug (~> 9.0)
      pry (~> 0.10)
    puppet (4.10.1)
      facter (> 2.0, < 4)
      gettext-setup (>= 0.10, < 1)
      hiera (>= 2.0, < 4)
      json_pure (~> 1.8)
      locale (~> 2.1)
    puppet (4.10.1-universal-darwin)
      CFPropertyList (~> 2.2.6)
      facter (> 2.0, < 4)
      gettext-setup (>= 0.10, < 1)
      hiera (>= 2.0, < 4)
      json_pure (~> 1.8)
      locale (~> 2.1)
    puppet-lint (2.2.1)
    puppet-syntax (2.4.0)
      rake
    puppet_forge (2.2.4)
      faraday (~> 0.9.0)
      faraday_middleware (>= 0.9.0, < 0.11.0)
      gettext-setup (~> 0.11)
      minitar
      semantic_puppet (~> 0.1.0)
    puppetlabs_spec_helper (2.1.5)
      mocha (~> 1.0)
      puppet-lint (~> 2.0)
      puppet-syntax (~> 2.0)
      rspec-puppet (~> 2.0)
    r10k (2.5.5)
      colored (= 1.2)
      cri (~> 2.6.1)
      gettext-setup (~> 0.5)
      log4r (= 1.1.10)
      multi_json (~> 1.10)
      puppet_forge (~> 2.2)
      semantic_puppet (~> 0.1.0)
    rake (12.0.0)
    rspec (3.6.0)
      rspec-core (~> 3.6.0)
      rspec-expectations (~> 3.6.0)
      rspec-mocks (~> 3.6.0)
    rspec-core (3.6.0)
      rspec-support (~> 3.6.0)
    rspec-expectations (3.6.0)
      diff-lcs (>= 1.2.0, < 2.0)
      rspec-support (~> 3.6.0)
    rspec-mocks (3.6.0)
      diff-lcs (>= 1.2.0, < 2.0)
      rspec-support (~> 3.6.0)
    rspec-puppet (2.5.0)
      rspec
    rspec-puppet-utils (3.4.0)
      mocha
      puppet
      puppetlabs_spec_helper
      rspec
      rspec-puppet
    rspec-support (3.6.0)
    rspec_junit_formatter (0.2.3)
      builder (< 4)
      rspec-core (>= 2, < 4, != 2.12.0)
    semantic_puppet (0.1.4)
      gettext-setup (>= 0.3)
    slop (3.6.0)
    table_print (1.5.6)
    text (1.3.1)
    versionomy (0.5.0)
      blockenspiel (~> 0.5)

PLATFORMS
  ruby
  x86_64-darwin-15

DEPENDENCIES
  onceover!
  onceover-gatekeeper!
  pry
  pry-byebug
  puppet

BUNDLED WITH
   1.14.6
